GEM
  remote: https://rubygems.org/
  specs:
    minitest (5.22.3)

PLATFORMS
  ruby

DEPENDENCIES
  minitest

BUNDLED WITH
   2.1.4
